PATH
  remote: .
  specs:
    wx_customs (0.1.0)

GEM
  remote: https://rubygems.org/
  specs:
    minitest (5.10.1)
    rake (12.0.0)

PLATFORMS
  ruby

DEPENDENCIES
  minitest (~> 5.0)
  rake (~> 12.0)
  wx_customs!

BUNDLED WITH
   2.1.4
